GEM
  remote: https://rubygems.org/
  specs:
    actionmailer (3.2.1)
      actionpack (= 3.2.1)
      mail (~> 2.4.0)
    actionpack (3.2.1)
      activemodel (= 3.2.1)
      activesupport (= 3.2.1)
      builder (~> 3.0.0)
      erubis (~> 2.7.0)
      journey (~> 1.0.1)
      rack (~> 1.4.0)
      rack-cache (~> 1.1)
      rack-test (~> 0.6.1)
      sprockets (~> 2.1.2)
    activemodel (3.2.1)
      activesupport (= 3.2.1)
      builder (~> 3.0.0)
    activerecord (3.2.1)
      activemodel (= 3.2.1)
      activesupport (= 3.2.1)
      arel (~> 3.0.0)
      tzinfo (~> 0.3.29)
    activeresource (3.2.1)
      activemodel (= 3.2.1)
      activesupport (= 3.2.1)
    activesupport (3.2.1)
      i18n (~> 0.6)
      multi_json (~> 1.0)
    addressable (2.2.6)
    arel (3.0.0)
    bcrypt-ruby (3.0.1)
    bson (1.5.2)
    bson_ext (1.5.2)
      bson (= 1.5.2)
    builder (3.0.0)
    cancan (1.6.7)
    carrierwave (0.5.8)
      activesupport (~> 3.0)
    coderay (1.0.5)
    coffee-rails (3.2.2)
      coffee-script (>= 2.2.0)
      railties (~> 3.2.0)
    coffee-script (2.2.0)
      coffee-script-source
      execjs
    coffee-script-source (1.2.0)
    cookiejar (0.3.0)
    daemons (1.1.8)
    devise (2.0.0)
      bcrypt-ruby (~> 3.0)
      orm_adapter (~> 0.0.3)
      railties (~> 3.1)
      warden (~> 1.1)
    em-hiredis (0.1.0)
      hiredis (~> 0.3.0)
    em-http-request (0.3.0)
      addressable (>= 2.0.0)
      escape_utils
      eventmachine (>= 0.12.9)
    erubis (2.7.0)
    escape_utils (0.2.4)
    eventmachine (0.12.10)
    execjs (1.3.0)
      multi_json (~> 1.0)
    faye (0.7.1)
      cookiejar (>= 0.3.0)
      em-hiredis (>= 0.0.1)
      em-http-request (~> 0.3)
      eventmachine (~> 0.12.0)
      json (>= 1.0)
      rack (>= 1.0)
      thin (~> 1.2)
    haml (3.1.4)
    hike (1.2.1)
    hiredis (0.3.2)
    i18n (0.6.0)
    journey (1.0.1)
    jquery-rails (2.0.0)
      railties (>= 3.2.0.beta, < 5.0)
      thor (~> 0.14)
    json (1.6.5)
    mail (2.4.1)
      i18n (>= 0.4.0)
      mime-types (~> 1.16)
      treetop (~> 1.4.8)
    method_source (0.7.0)
    mime-types (1.17.2)
    mini_magick (3.4)
      subexec (~> 0.2.1)
    mongo (1.5.2)
      bson (= 1.5.2)
    mongoid (2.4.3)
      activemodel (~> 3.1)
      mongo (~> 1.3)
      tzinfo (~> 0.3.22)
    multi_json (1.0.4)
    orm_adapter (0.0.6)
    polyglot (0.3.3)
    private_pub (1.0.1)
      faye
    pry (0.9.8.1)
      coderay (~> 1.0.5)
      method_source (~> 0.7)
      slop (>= 2.4.3, < 3)
    rack (1.4.1)
    rack-cache (1.1)
      rack (>= 0.4)
    rack-ssl (1.3.2)
      rack
    rack-test (0.6.1)
      rack (>= 1.0)
    rails (3.2.1)
      actionmailer (= 3.2.1)
      actionpack (= 3.2.1)
      activerecord (= 3.2.1)
      activeresource (= 3.2.1)
      activesupport (= 3.2.1)
      bundler (~> 1.0)
      railties (= 3.2.1)
    railties (3.2.1)
      actionpack (= 3.2.1)
      activesupport (= 3.2.1)
      rack-ssl (~> 1.3.2)
      rake (>= 0.8.7)
      rdoc (~> 3.4)
      thor (~> 0.14.6)
    rake (0.9.2.2)
    rdoc (3.12)
      json (~> 1.4)
    remotipart (1.0.2)
    sass (3.1.14)
    sass-rails (3.2.4)
      railties (~> 3.2.0)
      sass (>= 3.1.10)
      tilt (~> 1.3)
    slop (2.4.4)
    sprockets (2.1.2)
      hike (~> 1.2)
      rack (~> 1.0)
      tilt (~> 1.1, != 1.3.0)
    subexec (0.2.1)
    thin (1.3.1)
      daemons (>= 1.0.9)
      eventmachine (>= 0.12.6)
      rack (>= 1.0.0)
    thor (0.14.6)
    tilt (1.3.3)
    treetop (1.4.10)
      polyglot
      polyglot (>= 0.3.1)
    tzinfo (0.3.31)
    uglifier (1.2.3)
      execjs (>= 0.3.0)
      multi_json (>= 1.0.2)
    warden (1.1.0)
      rack (>= 1.0)

PLATFORMS
  ruby

DEPENDENCIES
  bson_ext
  cancan
  carrierwave
  coffee-rails
  devise
  haml
  jquery-rails
  mail
  mini_magick
  mongoid
  private_pub
  pry
  rails (= 3.2.1)
  remotipart
  sass-rails
  uglifier
